GEM
  remote: https://rubygems.org/
  specs:
    daemons (1.1.9)
    dun (0.0.1)
    eventmachine (1.0.3)
    json (1.8.0)
    pg (0.16.0)
    rack (1.5.2)
    rake (10.1.0)
    sequel (4.0.0)
    slim (2.0.0)
      temple (~> 0.6.5)
      tilt (~> 1.3, >= 1.3.3)
    sqlite3 (1.3.7)
    temple (0.6.5)
    thin (1.5.1)
      daemons (>= 1.0.9)
      eventmachine (>= 0.12.6)
      rack (>= 1.0.0)
    tilt (1.4.1)

PLATFORMS
  ruby

DEPENDENCIES
  dun
  json
  pg
  rack
  rake
  sequel
  slim
  sqlite3
  thin
  tilt
